GEM
  remote: https://rubygems.org/
  specs:
    RedCloth (4.2.9)
    addressable (2.3.8)
    celluloid (0.16.0)
      timers (~> 4.0.0)
    colorator (0.1)
    colored (1.2)
    commonjs (0.2.7)
    ethon (0.7.4)
      ffi (>= 1.3.0)
    execjs (2.6.0)
    ffi (1.9.10)
    ffi-icu (0.1.7)
      ffi (~> 1.0, >= 1.0.9)
    hitimes (1.2.2)
    html-proofer (2.4.2)
      addressable (~> 2.3)
      colored (~> 1.2)
      mercenary (~> 0.3.2)
      nokogiri (~> 1.5)
      parallel (~> 1.3)
      typhoeus (~> 0.7)
      yell (~> 2.0)
    jekyll (3.0.0.pre.beta8)
      colorator (~> 0.1)
      jekyll-sass-converter (~> 1.0)
      jekyll-watch (~> 1.1)
      kramdown (~> 1.3)
      liquid (~> 3.0)
      mercenary (~> 0.3.3)
      rouge (~> 1.7)
      safe_yaml (~> 1.0)
    jekyll-sass-converter (1.3.0)
      sass (~> 3.2)
    jekyll-watch (1.2.1)
      listen (~> 2.7)
    jshintrb (0.3.0)
      execjs
      multi_json (>= 1.3)
      rake
    json (1.8.3)
    kramdown (1.8.0)
    less (2.6.0)
      commonjs (~> 0.2.7)
    libv8 (3.16.14.11)
    liquid (3.0.6)
    listen (2.10.1)
      celluloid (~> 0.16.0)
      rb-fsevent (>= 0.9.3)
      rb-inotify (>= 0.9)
    mercenary (0.3.5)
    mini_portile (0.6.2)
    multi_json (1.11.2)
    nokogiri (1.6.6.2)
      mini_portile (~> 0.6.0)
    parallel (1.6.1)
    rake (10.4.2)
    rb-fsevent (0.9.6)
    rb-inotify (0.9.5)
      ffi (>= 0.5.0)
    ref (2.0.0)
    rouge (1.9.1)
    safe_yaml (1.0.4)
    sass (3.4.18)
    therubyracer (0.12.2)
      libv8 (~> 3.16.14.0)
      ref
    timers (4.0.4)
      hitimes
    typhoeus (0.7.3)
      ethon (>= 0.7.4)
    yell (2.0.5)

PLATFORMS
  ruby

DEPENDENCIES
  RedCloth
  ffi-icu
  html-proofer
  jekyll (= 3.0.0.pre.beta8)
  jshintrb
  json
  kramdown
  less
  therubyracer
